GEM
  remote: https://rubygems.org/
  specs:
    aws-sdk (2.8.0)
      aws-sdk-resources (= 2.8.0)
    aws-sdk-core (2.8.0)
      aws-sigv4 (~> 1.0)
      jmespath (~> 1.0)
    aws-sdk-resources (2.8.0)
      aws-sdk-core (= 2.8.0)
    aws-sigv4 (1.0.0)
    convection (1.0.7)
      aws-sdk (>= 2)
      httparty (~> 0.13)
      netaddr (~> 1.5)
      thor (~> 0.19)
    httparty (0.14.0)
      multi_xml (>= 0.5.2)
    jmespath (1.3.1)
    multi_xml (0.6.0)
    netaddr (1.5.1)
    thor (0.19.4)

PLATFORMS
  ruby

DEPENDENCIES
  convection

BUNDLED WITH
   1.14.5
